PATH
  remote: .
  specs:
    active_record_to_xls (1.0.0)
      spreadsheet (>= 0.8.5)

GEM
  remote: https://rubygems.org/
  specs:
    diff-lcs (1.3)
    rspec (3.7.0)
      rspec-core (~> 3.7.0)
      rspec-expectations (~> 3.7.0)
      rspec-mocks (~> 3.7.0)
    rspec-core (3.7.1)
      rspec-support (~> 3.7.0)
    rspec-expectations (3.7.0)
      diff-lcs (>= 1.2.0, < 2.0)
      rspec-support (~> 3.7.0)
    rspec-mocks (3.7.0)
      diff-lcs (>= 1.2.0, < 2.0)
      rspec-support (~> 3.7.0)
    rspec-support (3.7.1)
    ruby-ole (1.2.12.1)
    spreadsheet (1.1.7)
      ruby-ole (>= 1.0)

PLATFORMS
  ruby

DEPENDENCIES
  active_record_to_xls!
  rspec

BUNDLED WITH
   1.16.2
